GEM
  remote: https://rubygems.org/
  specs:
    sequel (3.45.0)
    sqlite3 (1.3.7)

PLATFORMS
  ruby

DEPENDENCIES
  sequel
  sqlite3
